GEM
  remote: https://rubygems.org/
  specs:
    tumblr-dl (0.1.8)

PLATFORMS
  ruby

DEPENDENCIES
  tumblr-dl!

BUNDLED WITH
   2.1.4
